PATH
  remote: .
  specs:
    six (1.0.0)

GEM
  remote: http://rubygems.org/
  specs:
    metaclass (0.0.4)
    mocha (1.1.0)
      metaclass (~> 0.0.1)

PLATFORMS
  ruby

DEPENDENCIES
  mocha
  six!
